PATH
  remote: .
  specs:
    bzconsole (0.1.0)
      bugzilla
      highline

GEM
  remote: https://rubygems.org/
  specs:
    ast (2.4.0)
    bugzilla (0.10.0)
      gruff (~> 0)
      highline
      xmlrpc (~> 0.3.0)
    gruff (0.23.0)
      histogram
      rmagick (>= 5.3)
    highline (2.1.0)
    histogram (0.2.4.1)
    jaro_winkler (1.5.4)
    minitest (5.14.0)
    parallel (1.19.1)
    parser (2.7.0.2)
      ast (~> 2.4.0)
    pkg-config (1.5.5)
    rainbow (3.0.0)
    rake (13.0.1)
    rmagick (5.3.0)
      pkg-config (~> 1.4)
    rubocop (0.79.0)
      jaro_winkler (~> 1.5.1)
      parallel (~> 1.10)
      parser (>= 2.7.0.1)
      rainbow (>= 2.2.2, < 4.0)
      ruby-progressbar (~> 1.7)
      unicode-display_width (>= 1.4.0, < 1.7)
    ruby-progressbar (1.10.1)
    unicode-display_width (1.6.1)
    webrick (1.8.1)
    xmlrpc (0.3.3)
      webrick

PLATFORMS
  ruby

DEPENDENCIES
  bundler
  bzconsole!
  minitest
  rake
  rubocop

BUNDLED WITH
   1.17.2
